GEM
  remote: https://rubygems.org/
  specs:
    ruby_motion_query (0.5.7)
    sugarcube (1.1.0)

PLATFORMS
  ruby

DEPENDENCIES
  ruby_motion_query
  sugarcube
